PATH
  remote: .
  specs:
    ext_plugins (5.1.0.1)
      ext_async (= 5.1.0.1)
      ext_aws_sdk (= 5.1.0.1)
      ext_bootstrap (= 5.1.0.1)
      ext_capistrano (= 5.1.0.1)
      ext_chartkick (= 5.1.0.1)
      ext_coffee (= 5.1.0.1)
      ext_devise (= 5.1.0.1)
      ext_globals (= 5.1.0.1)
      ext_mail (= 5.1.0.1)
      ext_minitest (= 5.1.0.1)
      ext_mobility (= 5.1.0.1)
      ext_pages (= 5.1.0.1)
      ext_pundit (= 5.1.0.1)
      ext_rails (= 5.1.0.1)
      ext_rails_admin (= 5.1.0.1)
      ext_rake
      ext_ruby (= 5.1.0.1)
      ext_settings (= 5.1.0.1)
      ext_shell (= 5.1.0.1)
      ext_tasks (= 5.1.0.1)
      ext_throttler (= 5.1.0.1)
      ext_whenever (= 5.1.0.1)
      rails (~> 5.1)
      settings_yml
      sun_cap (= 5.1.0.1)
      sunzistrano

PATH
  remote: ext_async
  specs:
    ext_async (5.1.0.1)
      ext_rails (= 5.1.0.1)
      ext_rake
      ext_shell (= 5.1.0.1)

PATH
  remote: ext_aws_sdk
  specs:
    ext_aws_sdk (5.1.0.1)
      aws-sdk-cloudwatch
      aws-sdk-ec2
      aws-sdk-iam
      aws-sdk-rds
      aws-sdk-route53
      aws-sdk-s3
      aws-sdk-ses
      aws-sdk-sns

PATH
  remote: ext_bootstrap
  specs:
    ext_bootstrap (5.1.0.1)
      autoprefixer-rails (~> 7.1)
      bootstrap-sass (~> 3.3.7)
      ext_sprockets
      font-awesome-sass (~> 4.7.0)
      railties (~> 5.1)
      sass-rails
      sassc-rails (~> 1.3)

PATH
  remote: ext_capistrano
  specs:
    ext_capistrano (5.1.0.1)
      capistrano (~> 3.6)
      capistrano-bundler (~> 1.1)
      capistrano-passenger
      capistrano-rails (~> 1.1)
      capistrano-rails-console
      capistrano-rbenv (~> 2.0)
      sun_cap (= 5.1.0.1)

PATH
  remote: ext_chartkick
  specs:
    ext_chartkick (5.1.0.1)
      railties (~> 5.1)

PATH
  remote: ext_coffee
  specs:
    ext_coffee (5.1.0.1)
      alaska (>= 1.2.2)
      coffee-rails (~> 4.2)
      ext_ruby
      ext_sprockets
      railties (~> 5.1)
      uglifier (>= 1.3.0)

PATH
  remote: ext_devise
  specs:
    ext_devise (5.1.0.1)
      devise (~> 4.3)
      devise-bootstrap-views (~> 0.0.11)
      devise-i18n (~> 1.4)
      ext_rails (= 5.1.0.1)

PATH
  remote: ext_globals
  specs:
    ext_globals (5.1.0.1)
      ext_rails (= 5.1.0.1)

PATH
  remote: ext_mail
  specs:
    ext_mail (5.1.0.1)
      actionview (~> 5.1)
      mail (~> 2.7)
      settings_yml

PATH
  remote: ext_minitest
  specs:
    ext_minitest (5.1.0.1)
      connection_pool
      maxitest
      minitest (= 5.10.3)
      minitest-hooks
      minitest-reporters
      minitest-spec-rails
      mocha (~> 1.3)
      rails-controller-testing
      shoulda-context (~> 1.2)
      shoulda-matchers (~> 3.1)
      sql_query

PATH
  remote: ext_mobility
  specs:
    ext_mobility (5.1.0.1)
      ext_rails (= 5.1.0.1)
      mobility (~> 0.3)

PATH
  remote: ext_pages
  specs:
    ext_pages (5.1.0.1)
      ext_mobility (= 5.1.0.1)
      ext_rails (= 5.1.0.1)

PATH
  remote: ext_pundit
  specs:
    ext_pundit (5.1.0.1)
      activesupport (~> 5.1)

PATH
  remote: ext_rails_admin
  specs:
    ext_rails_admin (5.1.0.1)
      amoeba (~> 3.0)
      ext_bootstrap (= 5.1.0.1)
      ext_chartkick (= 5.1.0.1)
      ext_coffee (= 5.1.0.1)
      ext_rails (= 5.1.0.1)
      kaminari (>= 0.14, < 2.0)
      rails_admin-i18n (~> 1.11)
      remotipart (~> 1.3)
      wicked_pdf (~> 1.1)
      wkhtmltopdf-binary (~> 0.12.3.1)

PATH
  remote: ext_rails
  specs:
    ext_rails (5.1.0.1)
      active_hash
      active_record_query_trace
      active_record_upsert
      active_type (~> 0.7)
      activerecord-rescue_from_duplicate
      activevalidators
      acts_as_list
      baby_squeel (~> 1.2)
      bootsnap
      bumbler (~> 0.3)
      countries (~> 2.1)
      email_prefixer (~> 1.2)
      ext_mail (= 5.1.0.1)
      ext_ruby
      hamlit-rails (~> 0.2)
      hashid-rails
      http_accept_language (~> 2.1)
      i18n-debug (~> 1.1)
      jsonb_accessor (~> 1.0)
      logidze (~> 0.5)
      mail_interceptor
      money-rails (~> 1.9)
      monogamy (>= 0.0.2)
      nestive (~> 0.6)
      null-logger (~> 0.1)
      oj (~> 2.18)
      oj_mimic_json (~> 1.0)
      pg (~> 0.21)
      polymorphic_constraints
      query_diet (~> 0.6)
      rack_lineprof (~> 0.1)
      rails (~> 5.1)
      rails-i18n (~> 5.0)
      rails_select_on_includes (~> 0.5)
      route_translator
      settings_yml
      store_base_sti_class
      time_difference (~> 0.7)

PATH
  remote: ext_rake
  specs:
    ext_rake (0.6.0)
      colorize (~> 0.8)
      dotiw (~> 3.1)
      ext_aws_sdk
      ext_mail
      require_all (~> 1.4)
      settings_yml

PATH
  remote: ext_ruby
  specs:
    ext_ruby (5.1.0.1)
      require_all (~> 1.4)
      unicode (~> 0.4)

PATH
  remote: ext_settings
  specs:
    ext_settings (5.1.0.1)
      ext_rails (= 5.1.0.1)

PATH
  remote: ext_shell
  specs:
    ext_shell (5.1.0.1)
      ext_ruby

PATH
  remote: ext_tasks
  specs:
    ext_tasks (5.1.0.1)
      ext_async (= 5.1.0.1)
      ext_globals (= 5.1.0.1)
      ext_mail (= 5.1.0.1)
      ext_rails (= 5.1.0.1)
      ext_rake

PATH
  remote: ext_throttler
  specs:
    ext_throttler (5.1.0.1)
      ext_globals (= 5.1.0.1)
      ext_rails (= 5.1.0.1)

PATH
  remote: ext_whenever
  specs:
    ext_whenever (5.1.0.1)
      settings_yml
      whenever (~> 0.10)

PATH
  remote: settings_yml
  specs:
    settings_yml (2.6.0)
      activesupport (~> 5.0)
      chronic_duration (~> 0.10.6)
      ext_ruby

PATH
  remote: sun_cap
  specs:
    sun_cap (5.1.0.1)
      ext_shell (= 5.1.0.1)
      require_all (~> 1.4)
      settings_yml

PATH
  remote: sunzistrano
  specs:
    sunzistrano (3.3.0)
      bcrypt (~> 3.1)
      rainbow
      sshkit
      sun_cap (= 5.1.0.1)

GEM
  remote: https://rubygems.org/
  specs:
    actioncable (5.1.4)
      actionpack (= 5.1.4)
      nio4r (~> 2.0)
      websocket-driver (~> 0.6.1)
    actionmailer (5.1.4)
      actionpack (= 5.1.4)
      actionview (= 5.1.4)
      activejob (= 5.1.4)
      mail (~> 2.5, >= 2.5.4)
      rails-dom-testing (~> 2.0)
    actionpack (5.1.4)
      actionview (= 5.1.4)
      activesupport (= 5.1.4)
      rack (~> 2.0)
      rack-test (>= 0.6.3)
      rails-dom-testing (~> 2.0)
      rails-html-sanitizer (~> 1.0, >= 1.0.2)
    actionview (5.1.4)
      activesupport (= 5.1.4)
      builder (~> 3.1)
      erubi (~> 1.4)
      rails-dom-testing (~> 2.0)
      rails-html-sanitizer (~> 1.0, >= 1.0.3)
    active_hash (1.5.3)
      activesupport (>= 2.2.2)
    active_record_query_trace (1.5.4)
    active_record_upsert (0.7.0)
      activerecord (>= 5.0, < 5.2)
      arel (> 7.0, < 9.0)
      pg (~> 0.18)
    active_type (0.7.5)
      activerecord (>= 3.2)
    activejob (5.1.4)
      activesupport (= 5.1.4)
      globalid (>= 0.3.6)
    activemodel (5.1.4)
      activesupport (= 5.1.4)
    activerecord (5.1.4)
      activemodel (= 5.1.4)
      activesupport (= 5.1.4)
      arel (~> 8.0)
    activerecord-rescue_from_duplicate (0.1.2)
      activerecord (>= 3.2)
    activesupport (5.1.4)
      concurrent-ruby (~> 1.0, >= 1.0.2)
      i18n (~> 0.7)
      minitest (~> 5.1)
      tzinfo (~> 1.1)
    activevalidators (4.1.0)
      activemodel (>= 3.0)
      countries (>= 1.2, < 3.0)
      credit_card_validations (~> 3.2)
      date_validator
      mail
      phony (~> 2.0)
      rake
    acts_as_list (0.9.10)
      activerecord (>= 3.0)
    airbrussh (1.3.0)
      sshkit (>= 1.6.1, != 1.7.0)
    alaska (1.2.2)
      execjs (~> 2.7)
    amoeba (3.1.0)
      activerecord (>= 3.2.6)
    ansi (1.5.0)
    arel (8.0.0)
    autoprefixer-rails (7.2.5)
      execjs
    aws-partitions (1.56.0)
    aws-sdk-cloudwatch (1.4.0)
      aws-sdk-core (~> 3)
      aws-sigv4 (~> 1.0)
    aws-sdk-core (3.14.0)
      aws-partitions (~> 1.0)
      aws-sigv4 (~> 1.0)
      jmespath (~> 1.0)
    aws-sdk-ec2 (1.25.0)
      aws-sdk-core (~> 3)
      aws-sigv4 (~> 1.0)
    aws-sdk-iam (1.3.0)
      aws-sdk-core (~> 3)
      aws-sigv4 (~> 1.0)
    aws-sdk-kms (1.4.0)
      aws-sdk-core (~> 3)
      aws-sigv4 (~> 1.0)
    aws-sdk-rds (1.11.0)
      aws-sdk-core (~> 3)
      aws-sigv4 (~> 1.0)
    aws-sdk-route53 (1.7.0)
      aws-sdk-core (~> 3)
      aws-sigv4 (~> 1.0)
    aws-sdk-s3 (1.8.0)
      aws-sdk-core (~> 3)
      aws-sdk-kms (~> 1)
      aws-sigv4 (~> 1.0)
    aws-sdk-ses (1.6.0)
      aws-sdk-core (~> 3)
      aws-sigv4 (~> 1.0)
    aws-sdk-sns (1.1.0)
      aws-sdk-core (~> 3)
      aws-sigv4 (~> 1.0)
    aws-sigv4 (1.0.2)
    baby_squeel (1.2.0)
      activerecord (>= 4.2.0)
      polyamorous (~> 1.3)
    bcrypt (3.1.11)
    bootsnap (1.1.8)
      msgpack (~> 1.0)
    bootstrap-sass (3.3.7)
      autoprefixer-rails (>= 5.2.1)
      sass (>= 3.3.4)
    builder (3.2.3)
    bumbler (0.3.2)
    capistrano (3.10.1)
      airbrussh (>= 1.0.0)
      i18n
      rake (>= 10.0.0)
      sshkit (>= 1.9.0)
    capistrano-bundler (1.3.0)
      capistrano (~> 3.1)
      sshkit (~> 1.2)
    capistrano-passenger (0.2.0)
      capistrano (~> 3.0)
    capistrano-rails (1.3.1)
      capistrano (~> 3.1)
      capistrano-bundler (~> 1.1)
    capistrano-rails-console (2.2.1)
      capistrano (>= 3.5.0, < 4.0.0)
      sshkit-interactive (~> 0.2.0)
    capistrano-rbenv (2.1.3)
      capistrano (~> 3.1)
      sshkit (~> 1.3)
    chronic (0.10.2)
    chronic_duration (0.10.6)
      numerizer (~> 0.1.1)
    coffee-rails (4.2.2)
      coffee-script (>= 2.2.0)
      railties (>= 4.0.0)
    coffee-script (2.4.1)
      coffee-script-source
      execjs
    coffee-script-source (1.12.2)
    colorize (0.8.1)
    concurrent-ruby (1.0.5)
    connection_pool (2.2.1)
    countries (2.1.3)
      i18n_data (~> 0.8.0)
      money (~> 6.9)
      sixarm_ruby_unaccent (~> 1.1)
      unicode_utils (~> 1.4)
    crass (1.0.3)
    credit_card_validations (3.4.0)
      activemodel (>= 3, <= 6)
      activesupport (>= 3, <= 6)
    date_validator (0.9.0)
      activemodel
      activesupport
    debugger-ruby_core_source (1.3.8)
    devise (4.4.1)
      bcrypt (~> 3.0)
      orm_adapter (~> 0.1)
      railties (>= 4.1.0, < 5.2)
      responders
      warden (~> 1.2.3)
    devise-bootstrap-views (0.0.11)
    devise-i18n (1.5.0)
      devise (>= 3.4)
    dotiw (3.1.1)
      actionpack (>= 3)
      i18n
    email_prefixer (1.2.0)
      rails (>= 4.0)
    erubi (1.7.0)
    execjs (2.7.0)
    ext_sprockets (0.1.1)
      sprockets-rails (~> 3.2)
    ffi (1.9.18)
    font-awesome-sass (4.7.0)
      sass (>= 3.2)
    globalid (0.4.1)
      activesupport (>= 4.2.0)
    hamlit (2.8.6)
      temple (>= 0.8.0)
      thor
      tilt
    hamlit-rails (0.2.0)
      actionpack (>= 4.0.1)
      activesupport (>= 4.0.1)
      hamlit (>= 1.2.0)
      railties (>= 4.0.1)
    hashid-rails (1.2.1)
      activerecord (>= 4.0)
      hashids (~> 1.0)
    hashids (1.0.4)
    http_accept_language (2.1.1)
    i18n (0.9.3)
      concurrent-ruby (~> 1.0)
    i18n-debug (1.1.0)
      i18n (< 1)
    i18n_data (0.8.0)
    jmespath (1.3.1)
    jsonb_accessor (1.0.0)
      activerecord (>= 5.0)
      activesupport (>= 5.0)
      pg (>= 0.18.1)
    kaminari (1.1.1)
      activesupport (>= 4.1.0)
      kaminari-actionview (= 1.1.1)
      kaminari-activerecord (= 1.1.1)
      kaminari-core (= 1.1.1)
    kaminari-actionview (1.1.1)
      actionview
      kaminari-core (= 1.1.1)
    kaminari-activerecord (1.1.1)
      activerecord
      kaminari-core (= 1.1.1)
    kaminari-core (1.1.1)
    logidze (0.6.3)
      rails (>= 4.2)
    loofah (2.1.1)
      crass (~> 1.0.2)
      nokogiri (>= 1.5.9)
    mail (2.7.0)
      mini_mime (>= 0.1.1)
    mail_interceptor (0.0.7)
      activesupport
    maxitest (2.4.1)
      minitest (>= 5.0.0, < 5.12.0)
    metaclass (0.0.4)
    method_source (0.9.0)
    mini_mime (1.0.0)
    mini_portile2 (2.3.0)
    minitest (5.10.3)
    minitest-hooks (1.4.2)
    minitest-reporters (1.1.19)
      ansi
      builder
      minitest (>= 5.0)
      ruby-progressbar
    minitest-spec-rails (5.4.0)
      minitest (~> 5.0)
      rails (>= 4.1)
    mobility (0.4.0)
      i18n (>= 0.6.10, < 0.10)
      request_store (~> 1.0)
    mocha (1.3.0)
      metaclass (~> 0.0.1)
    monetize (1.7.0)
      money (~> 6.9)
    money (6.10.1)
      i18n (>= 0.6.4, < 1.0)
    money-rails (1.10.0)
      activesupport (>= 3.0)
      monetize (~> 1.7.0)
      money (~> 6.10.0)
      railties (>= 3.0)
    monogamy (0.0.2)
      activerecord (>= 3.2)
    msgpack (1.2.2)
    nestive (0.6.0)
      rails (>= 3.0.0)
    net-scp (1.2.1)
      net-ssh (>= 2.6.5)
    net-ssh (4.2.0)
    nio4r (2.2.0)
    nokogiri (1.8.1)
      mini_portile2 (~> 2.3.0)
    null-logger (0.1.4)
    numerizer (0.1.1)
    oj (2.18.5)
    oj_mimic_json (1.0.1)
    orm_adapter (0.5.0)
    pg (0.21.0)
    phony (2.16.3)
    polyamorous (1.3.3)
      activerecord (>= 3.0)
    polymorphic_constraints (1.0.0)
      rails
    query_diet (0.6.2)
    rack (2.0.3)
    rack-test (0.8.2)
      rack (>= 1.0, < 3)
    rack_lineprof (0.1.0)
      rack (>= 1.5)
      rblineprof (~> 0.3.7)
      term-ansicolor (~> 1.3)
    rails (5.1.4)
      actioncable (= 5.1.4)
      actionmailer (= 5.1.4)
      actionpack (= 5.1.4)
      actionview (= 5.1.4)
      activejob (= 5.1.4)
      activemodel (= 5.1.4)
      activerecord (= 5.1.4)
      activesupport (= 5.1.4)
      bundler (>= 1.3.0)
      railties (= 5.1.4)
      sprockets-rails (>= 2.0.0)
    rails-controller-testing (1.0.2)
      actionpack (~> 5.x, >= 5.0.1)
      actionview (~> 5.x, >= 5.0.1)
      activesupport (~> 5.x)
    rails-dom-testing (2.0.3)
      activesupport (>= 4.2.0)
      nokogiri (>= 1.6)
    rails-html-sanitizer (1.0.3)
      loofah (~> 2.0)
    rails-i18n (5.0.4)
      i18n (~> 0.7)
      railties (~> 5.0)
    rails_admin-i18n (1.11.3)
    rails_select_on_includes (0.5.7)
      activerecord (>= 5)
    railties (5.1.4)
      actionpack (= 5.1.4)
      activesupport (= 5.1.4)
      method_source
      rake (>= 0.8.7)
      thor (>= 0.18.1, < 2.0)
    rainbow (3.0.0)
    rake (12.3.0)
    rb-fsevent (0.10.2)
    rb-inotify (0.9.10)
      ffi (>= 0.5.0, < 2)
    rblineprof (0.3.7)
      debugger-ruby_core_source (~> 1.3)
    remotipart (1.3.1)
    request_store (1.4.0)
      rack (>= 1.4)
    require_all (1.5.0)
    responders (2.4.0)
      actionpack (>= 4.2.0, < 5.3)
      railties (>= 4.2.0, < 5.3)
    route_translator (5.5.3)
      actionpack (>= 5.0.0.1, < 5.2)
      activesupport (>= 5.0.0.1, < 5.2)
    ruby-progressbar (1.9.0)
    sass (3.5.5)
      sass-listen (~> 4.0.0)
    sass-listen (4.0.0)
      rb-fsevent (~> 0.9, >= 0.9.4)
      rb-inotify (~> 0.9, >= 0.9.7)
    sass-rails (5.0.7)
      railties (>= 4.0.0, < 6)
      sass (~> 3.1)
      sprockets (>= 2.8, < 4.0)
      sprockets-rails (>= 2.0, < 4.0)
      tilt (>= 1.1, < 3)
    sassc (1.11.4)
      bundler
      ffi (~> 1.9.6)
      sass (>= 3.3.0)
    sassc-rails (1.3.0)
      railties (>= 4.0.0)
      sass
      sassc (~> 1.9)
      sprockets (> 2.11)
      sprockets-rails
      tilt
    shoulda-context (1.2.2)
    shoulda-matchers (3.1.2)
      activesupport (>= 4.0.0)
    sixarm_ruby_unaccent (1.2.0)
    sprockets (3.7.1)
      concurrent-ruby (~> 1.0)
      rack (> 1, < 3)
    sprockets-rails (3.2.1)
      actionpack (>= 4.0)
      activesupport (>= 4.0)
      sprockets (>= 3.0.0)
    sql_query (0.6.0)
      activerecord (>= 3.2)
    sshkit (1.15.1)
      net-scp (>= 1.1.2)
      net-ssh (>= 2.8.0)
    sshkit-interactive (0.2.3)
      sshkit (~> 1.12)
    store_base_sti_class (1.1.0)
      activerecord (>= 4.0)
    temple (0.8.0)
    term-ansicolor (1.6.0)
      tins (~> 1.0)
    thor (0.20.0)
    thread_safe (0.3.6)
    tilt (2.0.8)
    time_difference (0.7.0)
      activesupport (~> 5.1)
    tins (1.16.3)
    tzinfo (1.2.4)
      thread_safe (~> 0.1)
    uglifier (4.1.4)
      execjs (>= 0.3.0, < 3)
    unicode (0.4.4.4)
    unicode_utils (1.4.0)
    warden (1.2.7)
      rack (>= 1.0)
    websocket-driver (0.6.5)
      websocket-extensions (>= 0.1.0)
    websocket-extensions (0.1.3)
    whenever (0.10.0)
      chronic (>= 0.6.3)
    wicked_pdf (1.1.0)
    wkhtmltopdf-binary (0.12.3.1)

PLATFORMS
  ruby

DEPENDENCIES
  ext_async!
  ext_aws_sdk!
  ext_bootstrap!
  ext_capistrano!
  ext_chartkick!
  ext_coffee!
  ext_devise!
  ext_globals!
  ext_mail!
  ext_minitest!
  ext_mobility!
  ext_pages!
  ext_plugins!
  ext_pundit!
  ext_rails!
  ext_rails_admin!
  ext_rake!
  ext_ruby!
  ext_settings!
  ext_shell!
  ext_tasks!
  ext_throttler!
  ext_whenever!
  settings_yml!
  sun_cap!
  sunzistrano!

BUNDLED WITH
   1.16.1
